GEM
  remote: https://rubygems.org/
  specs:
    colored (1.2)
    diff-lcs (1.3)
    minitest (5.13.0)
    power_assert (1.1.7)
    rspec (3.7.0)
      rspec-core (~> 3.7.0)
      rspec-expectations (~> 3.7.0)
      rspec-mocks (~> 3.7.0)
    rspec-core (3.7.1)
      rspec-support (~> 3.7.0)
    rspec-expectations (3.7.0)
      diff-lcs (>= 1.2.0, < 2.0)
      rspec-support (~> 3.7.0)
    rspec-mocks (3.7.0)
      diff-lcs (>= 1.2.0, < 2.0)
      rspec-support (~> 3.7.0)
    rspec-support (3.7.1)
    test-unit (3.3.4)
      power_assert

PLATFORMS
  x64-mingw32

DEPENDENCIES
  colored
  minitest
  rspec
  test-unit

BUNDLED WITH
   1.16.1
